GEM
  remote: https://rubygems.org/
  specs:
    coderay (1.1.0)
    dotenv (2.5.0)
    method_source (0.8.2)
    mustermann (1.0.2)
    pry (0.10.1)
      coderay (~> 1.1.0)
      method_source (~> 0.8.1)
      slop (~> 3.4)
    rack (2.0.5)
    rack-protection (2.0.3)
      rack
    shotgun (0.9.2)
      rack (>= 1.0)
    sinatra (2.0.3)
      mustermann (~> 1.0)
      rack (~> 2.0)
      rack-protection (= 2.0.3)
      tilt (~> 2.0)
    slop (3.6.0)
    tilt (2.0.8)

PLATFORMS
  ruby

DEPENDENCIES
  dotenv
  pry
  shotgun
  sinatra

BUNDLED WITH
   1.16.3
